GEM
  remote: https://rubygems.org/
  specs:
    activesupport (6.1.6)
      concurrent-ruby (~> 1.0, >= 1.0.2)
      i18n (>= 1.6, < 2)
      minitest (>= 5.1)
      tzinfo (~> 2.0)
      zeitwerk (~> 2.3)
    addressable (2.8.0)
      public_suffix (>= 2.0.2, < 5.0)
    ansi (1.5.0)
    builder (3.2.4)
    coderay (1.1.3)
    colored (1.2)
    concurrent-ruby (1.1.10)
    faraday (1.10.0)
      faraday-em_http (~> 1.0)
      faraday-em_synchrony (~> 1.0)
      faraday-excon (~> 1.1)
      faraday-httpclient (~> 1.0)
      faraday-multipart (~> 1.0)
      faraday-net_http (~> 1.0)
      faraday-net_http_persistent (~> 1.0)
      faraday-patron (~> 1.0)
      faraday-rack (~> 1.0)
      faraday-retry (~> 1.0)
      ruby2_keywords (>= 0.0.4)
    faraday-em_http (1.0.0)
    faraday-em_synchrony (1.0.0)
    faraday-excon (1.1.0)
    faraday-httpclient (1.0.1)
    faraday-multipart (1.0.3)
      multipart-post (>= 1.2, < 3)
    faraday-net_http (1.0.1)
    faraday-net_http_persistent (1.2.0)
    faraday-patron (1.0.0)
    faraday-rack (1.0.0)
    faraday-retry (1.0.3)
    highline (2.0.3)
    i18n (1.10.0)
      concurrent-ruby (~> 1.0)
    method_source (1.0.0)
    minitest (5.15.0)
    minitest-line (0.6.5)
      minitest (~> 5.0)
    minitest-reporters (1.5.0)
      ansi
      builder
      minitest (>= 5.0)
      ruby-progressbar
    mocha (1.13.0)
    multipart-post (2.1.1)
    octokit (4.22.0)
      faraday (>= 0.9)
      sawyer (~> 0.8.0, >= 0.5.3)
    pastel (0.8.0)
      tty-color (~> 0.5)
    pry (0.14.1)
      coderay (~> 1.1)
      method_source (~> 1.0)
    public_suffix (4.0.6)
    ruby-progressbar (1.11.0)
    ruby2_keywords (0.0.5)
    sawyer (0.8.2)
      addressable (>= 2.3.5)
      faraday (> 0.8, < 2.0)
    tty-color (0.6.0)
    tty-cursor (0.7.1)
    tty-prompt (0.23.1)
      pastel (~> 0.8)
      tty-reader (~> 0.8)
    tty-reader (0.9.0)
      tty-cursor (~> 0.7)
      tty-screen (~> 0.8)
      wisper (~> 2.0)
    tty-screen (0.8.1)
    tzinfo (2.0.4)
      concurrent-ruby (~> 1.0)
    wisper (2.0.1)
    zeitwerk (2.6.0)

PLATFORMS
  arm64-darwin-20

DEPENDENCIES
  activesupport (~> 6.0)
  colored (~> 1.2)
  highline (~> 2.0.3)
  minitest (~> 5.0)
  minitest-line
  minitest-reporters
  mocha
  octokit (~> 4.21)
  pry
  tty-prompt (~> 0.23)

BUNDLED WITH
   2.2.27
