GEM
  remote: https://rubygems.org/
  specs:
    activesupport (8.0.0)
      base64
      benchmark (>= 0.3)
      bigdecimal
      concurrent-ruby (~> 1.0, >= 1.3.1)
      connection_pool (>= 2.2.5)
      drb
      i18n (>= 1.6, < 2)
      logger (>= 1.4.2)
      minitest (>= 5.1)
      securerandom (>= 0.3)
      tzinfo (~> 2.0, >= 2.0.5)
      uri (>= 0.13.1)
    ansi (1.5.0)
    base64 (0.2.0)
    benchmark (0.4.0)
    bigdecimal (3.1.8)
    builder (3.3.0)
    coderay (1.1.3)
    colored (1.2)
    concurrent-ruby (1.3.4)
    connection_pool (2.4.1)
    drb (2.2.1)
    highline (3.1.1)
      reline
    i18n (1.14.6)
      concurrent-ruby (~> 1.0)
    io-console (0.8.0)
    logger (1.6.1)
    method_source (1.1.0)
    minitest (5.25.4)
    minitest-reporters (1.7.1)
      ansi
      builder
      minitest (>= 5.0)
      ruby-progressbar
    mocha (2.7.1)
      ruby2_keywords (>= 0.0.5)
    pastel (0.8.0)
      tty-color (~> 0.5)
    pry (0.15.0)
      coderay (~> 1.1)
      method_source (~> 1.0)
    reline (0.5.12)
      io-console (~> 0.5)
    ruby-progressbar (1.13.0)
    ruby2_keywords (0.0.5)
    securerandom (0.3.2)
    tty-color (0.6.0)
    tty-cursor (0.7.1)
    tty-prompt (0.23.1)
      pastel (~> 0.8)
      tty-reader (~> 0.8)
    tty-reader (0.9.0)
      tty-cursor (~> 0.7)
      tty-screen (~> 0.8)
      wisper (~> 2.0)
    tty-screen (0.8.2)
    tzinfo (2.0.6)
      concurrent-ruby (~> 1.0)
    uri (1.0.2)
    wisper (2.0.1)

PLATFORMS
  -darwin-20
  arm64-darwin-20
  arm64-darwin-23

DEPENDENCIES
  activesupport
  colored (~> 1.2)
  highline (~> 3.1)
  minitest
  minitest-reporters
  mocha
  pry
  tty-prompt (~> 0.23)

BUNDLED WITH
   2.5.6
